PATH
  remote: .
  specs:
    sejarah (0.1.0)
      thor (~> 0.20)

GEM
  remote: https://rubygems.org/
  specs:
    rake (10.5.0)
    thor (0.20.3)

PLATFORMS
  ruby

DEPENDENCIES
  bundler (~> 1.17)
  rake (~> 10.0)
  sejarah!

BUNDLED WITH
   1.17.2
