PATH
  remote: .
  specs:
    sejarah (0.1.0)
      octokit (~> 4.13)
      thor (~> 0.20)

GEM
  remote: https://rubygems.org/
  specs:
    addressable (2.5.2)
      public_suffix (>= 2.0.2, < 4.0)
    faraday (0.15.4)
      multipart-post (>= 1.2, < 3)
    multipart-post (2.0.0)
    octokit (4.13.0)
      sawyer (~> 0.8.0, >= 0.5.3)
    public_suffix (3.0.3)
    rake (10.5.0)
    sawyer (0.8.1)
      addressable (>= 2.3.5, < 2.6)
      faraday (~> 0.8, < 1.0)
    thor (0.20.3)

PLATFORMS
  ruby

DEPENDENCIES
  bundler (~> 1.17)
  rake (~> 10.0)
  sejarah!

BUNDLED WITH
   1.17.2
